PATH
  remote: .
  specs:
    deserializer (0.1.0)

GEM
  remote: https://rubygems.org/
  specs:
    docile (1.1.5)
    minitest (5.7.0)
    multi_json (1.11.1)
    rake (10.4.2)
    simplecov (0.9.2)
      docile (~> 1.1.0)
      multi_json (~> 1.0)
      simplecov-html (~> 0.9.0)
    simplecov-html (0.9.0)

PLATFORMS
  ruby

DEPENDENCIES
  bundler (~> 1.6)
  deserializer!
  minitest
  rake
  simplecov
